[System]
Scanner=SkyScan1272
Instrument S/N=15G09089-B
Software Version=1.1.9
Home Directory=C:\SkyScan1272\SkyScan1272
Source Type=HAMAMATSU_L11871_20
Camera Type=XIMEA xiRAY16
Camera Pixel Size (um)=7.4
Camera X/Y Ratio=1.0035
[User]
User Name=haberthu
Computer Name=ANAMIC02
[Acquisition]
Data Directory=D:\Results\David-Semela\ds17_notch1_1\rll_5um\proj
Filename Prefix=ds17_notch1_1~01
Filename Index Length=8
Number Of Files=  974
Number Of Rows= 1638
Number Of Columns= 4664
Partial Width=OFF
Image crop origin X=0
Image crop origin Y=0
Camera binning=2x2
Image Rotation=-0.16800
Optical Axis (line)=  842
Camera to Source (mm)=272.13988
Object to Source (mm)=91.97973
Source Voltage (kV)= 100
Source Current (uA)= 100
Image Pixel Size (um)=5.001531
Scaled Image Pixel Size (um)=5.001531
Image Format=TIFF
Depth (bits)=16
Reference Intensity=57000
Exposure (ms)=8866
Rotation Step (deg)=0.200
Use 360 Rotation=NO
Scanning position=12.757 mm
Frame Averaging=ON (3)
Random Movement=OFF (30)
Flat Field Correction=ON
FF updating interval=85
Geometrical Correction=ON
Filter=Cu 0.11mm
Gantry direction=CC
Rotation Direction=CC
Type of Detector Motion=STEP AND SHOOT
Scanning Trajectory=ROUND
Number Of Horizontal Offset Positions=2
Horizontal Overlap (pixel)=240
Number of connected scans=2
Current scan number=2
Number of lines to be reconstructed=875
Study Date and Time=26 Jul 2018  00h:14m:52s
Scan duration=15h:8m:41s
Extra Image Shift In X suggested (micron)=2.520989
Extra Image Shift In Y suggested (micron)=-12.358464
Extra CS Rotation suggested (deg)=0.000000
[Reconstruction]
Pseudo-parallel projection calculated=1
