[System]
Scanner=SkyScan1272
Instrument S/N=15G09089-B
Software Version=1.1.9
Home Directory=C:\SkyScan1272\SkyScan1272
Source Type=HAMAMATSU_L11871_20
Camera Type=XIMEA xiRAY16
Camera Pixel Size (um)=7.4
Camera X/Y Ratio=1.0035
[User]
User Name=haberthu
Computer Name=ANAMIC02
[Acquisition]
Data Directory=D:\Results\David-Semela\ds17_notch1_4\rll_5um\proj
Filename Prefix=ds17_notch1_4~00
Filename Index Length=8
Number Of Files=  974
Number Of Rows= 1638
Number Of Columns= 4664
Partial Width=OFF
Image crop origin X=0
Image crop origin Y=0
Camera binning=2x2
Image Rotation=-0.16800
Optical Axis (line)=  842
Camera to Source (mm)=272.13988
Object to Source (mm)=91.97719
Source Voltage (kV)= 100
Source Current (uA)= 100
Image Pixel Size (um)=5.001393
Scaled Image Pixel Size (um)=5.001393
Image Format=TIFF
Depth (bits)=16
Reference Intensity=57000
Exposure (ms)=8866
Rotation Step (deg)=0.200
Use 360 Rotation=NO
Scanning position=11.672 mm
Frame Averaging=ON (3)
Random Movement=OFF (30)
Flat Field Correction=ON
FF updating interval=85
Geometrical Correction=ON
Filter=Cu 0.11mm
Gantry direction=CC
Rotation Direction=CC
Type of Detector Motion=STEP AND SHOOT
Scanning Trajectory=ROUND
Number Of Horizontal Offset Positions=2
Horizontal Overlap (pixel)=240
Number of connected scans=2
Current scan number=1
Number of lines to be reconstructed=1307
Study Date and Time=24 Jul 2018  01h:25m:15s
Scan duration=15h:9m:26s
Maximum vertical TS=5.0
[Reconstruction]
Reconstruction Program=NRecon
Program Version=Version: 1.7.3.0
Program Home Directory=C:\SkyScan1272\SkyScan1272
Reconstruction engine=GPUReconServer
Engine version=Version: 1.7.3
Reconstruction from batch=Yes
Postalignment Applied=1
Connected Reconstruction (parts)=2
Sub-scan post alignment [0]=5.500000
Sub-scan post alignment [1]=3.500000
Sub-scan scan length [0]=1301
Sub-scan scan length [1]=1307
Used extra rotation per scan(deg)= 0.000  0.000 
Used extra shift in X per scan(micron)= 0.000  2.272 
Used extra shift in Y per scan(micron)= 0.000  2.289 
Reconstruction servers= ANAMIC02 
Dataset Origin=SkyScan1272
Dataset Prefix=ds17_notch1_4~01
Dataset Directory=D:\Results\David-Semela\ds17_notch1_4\rll_5um\proj
Output Directory=D:\Results\David-Semela\ds17_notch1_4\rll_5um\rec
Time and Date=Jul 24, 2018  18:26:44
First Section=105
Last Section=2844
Reconstruction duration per slice (seconds)=3.121352
Total reconstruction time (1302 slices) in seconds=4064.000000
Section to Section Step=1
Sections Count=2740
Result File Type=TIF
Result File Header Length (bytes)=12
Result Image Width (pixels)=2956
Result Image Height (pixels)=2956
Pixel Size (um)=5.00139
Reconstruction Angular Range (deg)=194.80
Use 180+=OFF
Angular Step (deg)=0.2000
Smoothing=2
Smoothing kernel=2 (Gaussian)
Ring Artifact Correction=4
Draw Scales=OFF
Object Bigger than FOV=OFF
Reconstruction from ROI=ON
ROI Top (pixels)=3745
ROI Bottom (pixels)=787
ROI Left (pixels)=1201
ROI Right (pixels)=4159
ROI reference length=4664
Filter cutoff relative to Nyquist frequency=100
Filter type=0
Filter type description=Hamming (Alpha=0.54)
Undersampling factor=1
Threshold for defect pixel mask (%)=0
Beam Hardening Correction (%)=30
CS Static Rotation (deg)=0.00
CS Static Rotation Total(deg)=0.00
Minimum for CS to Image Conversion=0.000000
Maximum for CS to Image Conversion=0.124906
HU Calibration=OFF
BMP LUT=0
Cone-beam Angle Horiz.(deg)=14.453743
Cone-beam Angle Vert.(deg)=5.099886
Automatic matching in Z=50
Automatic matching in X/Y=50
Automatic matching in rotation=5.000000
Automatic fusion=1
[File name convention]
Filename Index Length=8
Filename Prefix=ds17_notch1_4_rec
