[System]
Scanner=SkyScan1272
Instrument S/N=15G09089-B
Software Version=1.1.9
Home Directory=C:\SkyScan1272\SkyScan1272
Source Type=HAMAMATSU_L11871_20
Camera Type=XIMEA xiRAY16
Camera Pixel Size (um)=7.4
Camera X/Y Ratio=1.0035
[User]
User Name=haberthu
Computer Name=ANAMIC02
[Acquisition]
Data Directory=D:\Results\David-Semela\ds17_notch1_2\proj
Filename Prefix=ds17_notch1_2~00
Filename Index Length=8
Number Of Files= 1895
Number Of Rows= 3280
Number Of Columns= 4904
Partial Width=OFF
Image crop origin X=0
Image crop origin Y=0
Camera binning=1x1
Image Rotation=-0.14300
Optical Axis (line)= 1674
Camera to Source (mm)=222.13988
Object to Source (mm)=150.11600
Source Voltage (kV)= 100
Source Current (uA)= 100
Image Pixel Size (um)=5.000040
Scaled Image Pixel Size (um)=5.000040
Image Format=TIFF
Depth (bits)=16
Reference Intensity=57000
Exposure (ms)=5391
Rotation Step (deg)=0.100
Use 360 Rotation=NO
Scanning position=28.316 mm
Frame Averaging=ON (3)
Random Movement=OFF (30)
Flat Field Correction=ON
FF updating interval=172
Geometrical Correction=ON
Filter=Cu 0.11mm
Gantry direction=CC
Rotation Direction=CC
Type of Detector Motion=STEP AND SHOOT
Scanning Trajectory=ROUND
Number Of Horizontal Offset Positions=1
Number of connected scans=2
Current scan number=1
Number of lines to be reconstructed=2591
Study Date and Time=20 Nov 2017  20h:28m:09s
Scan duration=9h:39m:22s
Maximum vertical TS=5.0
[Reconstruction]
Reconstruction Program=NRecon
Program Version=Version: 1.7.3.0
Program Home Directory=C:\SkyScan1272\SkyScan1272
Reconstruction engine=GPUReconServer
Engine version=Version: 1.7.3
Reconstruction from batch=Yes
Postalignment Applied=1
Connected Reconstruction (parts)=2
Sub-scan post alignment [0]=-1.500000
Sub-scan post alignment [1]=-5.500000
Sub-scan scan length [0]=2591
Sub-scan scan length [1]=2591
Used extra rotation per scan(deg)= 0.000  0.000 
Used extra shift in X per scan(micron)= 0.000  2.487 
Used extra shift in Y per scan(micron)= 0.000  12.510 
Reconstruction servers= ANAMIC02 
Dataset Origin=SkyScan1272
Dataset Prefix=ds17_notch1_2~01
Dataset Directory=D:\Results\David-Semela\ds17_notch1_2\overview\proj
Output Directory=D:\Results\David-Semela\ds17_notch1_2\overview\rec
Time and Date=Aug 04, 2018  15:13:22
First Section=467
Last Section=5120
Reconstruction duration per slice (seconds)=9.089892
Total reconstruction time (2592 slices) in seconds=23561.000000
Section to Section Step=1
Sections Count=4654
Result File Type=TIF
Result File Header Length (bytes)=12
Result Image Width (pixels)=4904
Result Image Height (pixels)=4904
Pixel Size (um)=5.00004
Reconstruction Angular Range (deg)=189.50
Use 180+=OFF
Angular Step (deg)=0.1000
Smoothing=0
Ring Artifact Correction=20
Draw Scales=OFF
Object Bigger than FOV=ON
Reconstruction from ROI=OFF
Filter cutoff relative to Nyquist frequency=100
Filter type=0
Filter type description=Hamming (Alpha=0.54)
Undersampling factor=1
Threshold for defect pixel mask (%)=0
Beam Hardening Correction (%)=0
CS Static Rotation (deg)=0.00
CS Static Rotation Total(deg)=0.00
Minimum for CS to Image Conversion=0.000000
Maximum for CS to Image Conversion=0.115803
HU Calibration=OFF
BMP LUT=0
Cone-beam Angle Horiz.(deg)=9.338062
Cone-beam Angle Vert.(deg)=6.253333
