[System]
Scanner=SkyScan1272
Instrument S/N=15G09089-B
Software Version=1.1.19
Home Directory=C:\SkyScan1272\SkyScan1272
Source Type=HAMAMATSU_L11871_20
Camera Type=XIMEA xiRAY16
Camera Pixel Size (um)=7.4
Camera X/Y Ratio=1.0023
[User]
User Name=haberthu
Computer Name=ANAMIC02
[Acquisition]
Data Directory=D:\Results\David-Semela\ds17_notch1_3_rescan\highresolution\proj
Filename Prefix=ds17_notch1_3_rescan~00
Filename Index Length=8
Number Of Files= 1895
Number Of Rows= 3280
Number Of Columns= 4904
Partial Width=OFF
Image crop origin X=0
Image crop origin Y=0
Camera binning=1x1
Image Rotation=0.16000
Optical Axis (line)= 1766
Camera to Source (mm)=224.07267
Object to Source (mm)=151.40100
Source Voltage (kV)= 100
Source Current (uA)= 100
Image Pixel Size (um)=5.000018
Scaled Image Pixel Size (um)=5.000018
Image Format=TIFF
Depth (bits)=16
Reference Intensity=57000
Camera position=mid
Exposure (ms)=4400
Rotation Step (deg)=0.100
Use 360 Rotation=NO
Scanning position=8.769 mm
Frame Averaging=ON (3)
Random Movement=OFF (30)
Flat Field Correction=ON
FF updating interval=94
Geometrical Correction=ON
Filter=Cu 0.11mm
Gantry direction=CC
Rotation Direction=CC
Type of Detector Motion=STEP AND SHOOT
Scanning Trajectory=ROUND
Number Of Horizontal Offset Positions=1
Number of connected scans=2
Current scan number=1
Number of lines to be reconstructed=2607
Study Date and Time=08 Nov 2018  17h:53m:39s
Scan duration=6h:57m:2s
Maximum vertical TS=5.0
[Reconstruction]
Reconstruction Program=NRecon
Program Version=Version: 1.7.4.2
Program Home Directory=C:\Program Files\NRecon
Reconstruction engine=GPUReconServer
Engine version=Version: 1.7.4
Reconstruction from batch=Yes
Postalignment Applied=1
Connected Reconstruction (parts)=2
Sub-scan post alignment [0]=0.000000
Sub-scan post alignment [1]=3.000000
Sub-scan scan length [0]=2607
Sub-scan scan length [1]=2607
Used extra rotation per scan(deg)= 0.000  0.000 
Used extra shift in X per scan(micron)= 0.000  -12.297 
Used extra shift in Y per scan(micron)= 0.000  -17.513 
Reconstruction servers= ANAKLIN04 
Dataset Origin=SkyScan1272
Dataset Prefix=ds17_notch1_3_rescan~01
Dataset Directory=\\anamic02\Results\David-Semela\ds17_notch1_3_rescan\highresolution\proj
Output Directory=\\anamic02\Results\David-Semela\ds17_notch1_3_rescan\highresolution\rec
Time and Date=Nov 14, 2018  04:56:30
First Section=210
Last Section=5256
Reconstruction duration per slice (seconds)=9.032592
Total reconstruction time (2608 slices) in seconds=23557.000000
Section to Section Step=1
Sections Count=5047
Result File Type=TIF
Result File Header Length (bytes)=12
Result Image Width (pixels)=4664
Result Image Height (pixels)=3292
Pixel Size (um)=5.00002
Reconstruction Angular Range (deg)=189.50
Use 180+=OFF
Angular Step (deg)=0.1000
Smoothing=0
Ring Artifact Correction=13
Draw Scales=OFF
Object Bigger than FOV=OFF
Reconstruction from ROI=ON
ROI Top (pixels)=4010
ROI Bottom (pixels)=718
ROI Left (pixels)=227
ROI Right (pixels)=4891
ROI reference length=4904
Filter cutoff relative to Nyquist frequency=100
Filter type=0
Filter type description=Hamming (Alpha=0.54)
Undersampling factor=1
Threshold for defect pixel mask (%)=0
Beam Hardening Correction (%)=0
CS Static Rotation (deg)=-82.69
CS Static Rotation Total(deg)=-82.69
Minimum for CS to Image Conversion=0.000000
Maximum for CS to Image Conversion=0.098418
HU Calibration=OFF
BMP LUT=0
Cone-beam Angle Horiz.(deg)=9.259112
Cone-beam Angle Vert.(deg)=6.200336
