[System]
Scanner=SkyScan1272
Instrument S/N=15G09089-B
Software Version=1.1.9
Home Directory=C:\SkyScan1272\SkyScan1272
Source Type=HAMAMATSU_L11871_20
Camera Type=XIMEA xiRAY16
Camera Pixel Size (um)=7.4
Camera X/Y Ratio=1.0035
[User]
User Name=haberthu
Computer Name=ANAMIC02
[Acquisition]
Data Directory=D:\Results\David-Semela\ds17_notch1_4\rll_wide_3um\proj
Filename Prefix=notch1_4~01
Filename Index Length=8
Number Of Files=  940
Number Of Rows= 1640
Number Of Columns= 2452
Partial Width=OFF
Image crop origin X=0
Image crop origin Y=0
Camera binning=2x2
Image Rotation=-0.16800
Optical Axis (line)=  842
Camera to Source (mm)=272.13988
Object to Source (mm)=55.17100
Source Voltage (kV)=  80
Source Current (uA)= 125
Image Pixel Size (um)=3.000003
Scaled Image Pixel Size (um)=3.000003
Image Format=TIFF
Depth (bits)=16
Reference Intensity=57000
Exposure (ms)=7194
Rotation Step (deg)=0.200
Use 360 Rotation=NO
Scanning position=9.526 mm
Frame Averaging=ON (3)
Random Movement=OFF (30)
Flat Field Correction=ON
FF updating interval=86
Geometrical Correction=ON
Filter=Al 1mm
Gantry direction=CC
Rotation Direction=CC
Type of Detector Motion=STEP AND SHOOT
Scanning Trajectory=ROUND
Number Of Horizontal Offset Positions=1
Number of connected scans=3
Current scan number=2
Number of lines to be reconstructed=1269
Study Date and Time=18 Jul 2018  22h:37m:24s
Scan duration=5h:59m:45s
Maximum vertical TS=1.0
Maximum horizontal TS=1.0
TS modified at=July20,10:07:13 ---  940 of 940 projections
TS modified according to=D:\Results\David-Semela\ds17_notch1_4\rll_wide_3um\proj\notch1_4~01_TS.csv
TS modified at level=0
Extra Image Shift In X suggested (micron)=1.340392
Extra Image Shift In Y suggested (micron)=4.612162
Extra CS Rotation suggested (deg)=0.000000
[Reconstruction]
Pseudo-parallel projection calculated=1
