[System]
Scanner=Skyscan1172
Instrument S/N=12O01199
Hardware version=F
Software=Version 1. 5 (build 26)
Home directory=c:\SkyScan1172F_11MP_Hamamatsu
Source Type=Hamamatsu 100/250
Camera=Hamamatsu C9300 11Mp camera
Camera Pixel Size (um)=    8.80
CameraXYRatio=0.9927
Incl.in lifting (um/mm)=3.0875
[User]
User Name=haberthu
Computer Name=ANAKLIN18
[Acquisition]
Data directory=S:\David-Semela\ds17_ctrl5_cava\highresolution\proj_20um
Filename Prefix=ctrl5_cava
Configuration=D:\doc\Results\Configurations\2018-04-27\2018-04-27
Number of Files=  287
Source Voltage (kV)=  89
Source Current (uA)= 112
Number of Rows=  668
Number of Columns= 1000
Image crop origin X=   0
Image crop origin Y=0
Camera binning=4x4
Image Rotation=0.2300
Gantry direction=CC
Number of connected scans=    3
Number of lines to be reconstructed=  408
Image Pixel Size (um)=   19.91
Object to Source (mm)=120.100
Camera to Source (mm)=212.399
Vertical Object Position (mm)=16.563
Optical Axis (line)= 371
Filter=Al+Cu
Image Format=TIFF
Depth (bits)=16
Screen LUT=0
Exposure (ms)=   125
Rotation Step (deg)=0.700
Frame Averaging=ON (6)
Random Movement=OFF (10)
Use 360 Rotation=NO
Geometrical Correction=ON
Camera Offset=OFF
Median Filtering=ON
Flat Field Correction=ON
Rotation Direction=CC
Scanning Trajectory=ROUND
Type Of Motion=STEP AND SHOOT
Study Date and Time=Jun 25, 2018  15:50:33
Scan duration=00:09:31
[Reconstruction]
Reconstruction Program=NRecon
Program Version=Version: 1.7.3.0
Program Home Directory=C:\SkyScan1272\SkyScan1272
Reconstruction engine=GPUReconServer
Engine version=Version: 1.7.3
Reconstruction from batch=Yes
Postalignment Applied=1
Connected Reconstruction (parts)=3
Sub-scan post alignment [0]=11.000000
Sub-scan post alignment [1]=10.000000
Sub-scan post alignment [2]=10.500000
Sub-scan scan length [0]=406
Sub-scan scan length [1]=406
Sub-scan scan length [2]=408
Used extra rotation per scan(deg)= 0.000  0.000  0.000 
Used extra shift in X per scan(micron)= 0.000  8.971  -0.360 
Used extra shift in Y per scan(micron)= 0.000  9.800  -19.137 
Reconstruction servers= ANAMIC02 
Dataset Origin=Skyscan1172
Dataset Prefix=ctrl5_cava~02
Dataset Directory=D:\Results\David-Semela\ds17_ctrl5_cava\highresolution\proj_20um_1172
Output Directory=D:\Results\David-Semela\ds17_ctrl5_cava\highresolution\rec_20um_1172
Time and Date=Aug 03, 2018  20:40:11
First Section=146
Last Section=1363
Reconstruction duration per slice (seconds)=0.172202
Total reconstruction time (813 slices) in seconds=140.000000
Section to Section Step=1
Sections Count=1218
Result File Type=TIF
Result File Header Length (bytes)=12
Result Image Width (pixels)=1000
Result Image Height (pixels)=1000
Pixel Size (um)=19.92151
Reconstruction Angular Range (deg)=200.20
Use 180+=OFF
Angular Step (deg)=0.7000
Smoothing=0
Ring Artifact Correction=20
Draw Scales=OFF
Object Bigger than FOV=OFF
Reconstruction from ROI=OFF
Filter cutoff relative to Nyquist frequency=100
Filter type=0
Filter type description=Hamming (Alpha=0.54)
Undersampling factor=1
Threshold for defect pixel mask (%)=0
Beam Hardening Correction (%)=0
CS Static Rotation (deg)=0.00
CS Static Rotation Total(deg)=0.00
Minimum for CS to Image Conversion=0.000000
Maximum for CS to Image Conversion=0.047205
HU Calibration=OFF
BMP LUT=0
Cone-beam Angle Horiz.(deg)=9.482199
Cone-beam Angle Vert.(deg)=6.342122
Automatic matching in Z=50
Automatic matching in X/Y=50
Automatic matching in rotation=5.000000
Automatic fusion=1
[File name convention]
Filename Index Length=4
Filename Prefix=ctrl5_cava_rec
