[System]
Scanner=SkyScan1272
Instrument S/N=15G09089-B
Software Version=1.1.9
Home Directory=C:\SkyScan1272\SkyScan1272
Source Type=HAMAMATSU_L11871_20
Camera Type=XIMEA xiRAY16
Camera Pixel Size (um)=7.4
Camera X/Y Ratio=1.0035
[User]
User Name=haberthu
Computer Name=ANAMIC02
[Acquisition]
Data Directory=D:\Results\David-Semela\ds17_ctrl5_cava\highresolution\proj_20um_1272
Filename Prefix=ds17_ctrl5_cava~01
Filename Index Length=8
Number Of Files=  318
Number Of Rows=  820
Number Of Columns= 1224
Partial Width=OFF
Image crop origin X=0
Image crop origin Y=0
Camera binning=4x4
Image Rotation=-0.16800
Optical Axis (line)=  418
Camera to Source (mm)=222.13988
Object to Source (mm)=149.43850
Source Voltage (kV)=  90
Source Current (uA)= 111
Image Pixel Size (um)=19.909896
Scaled Image Pixel Size (um)=19.909896
Image Format=TIFF
Depth (bits)=16
Reference Intensity=57000
Exposure (ms)=3257
Rotation Step (deg)=0.600
Use 360 Rotation=NO
Scanning position=42.539 mm
Frame Averaging=ON (6)
Random Movement=OFF (30)
Flat Field Correction=ON
FF updating interval=53
Geometrical Correction=ON
Filter=Al 0.5 + Cu 0.038
Gantry direction=CC
Rotation Direction=CC
Type of Detector Motion=STEP AND SHOOT
Scanning Trajectory=ROUND
Number Of Horizontal Offset Positions=1
Number of connected scans=2
Current scan number=2
Number of lines to be reconstructed=600
Study Date and Time=25 Jun 2018  21h:02m:41s
Scan duration=1h:49m:35s
Maximum vertical TS=1.0
Maximum horizontal TS=1.0
TS modified at=June26,09:11:39 ---  318 of 318 projections
TS modified according to=D:\Results\David-Semela\ds17_ctrl5_cava\highresolution\proj_20um_1272\ds17_ctrl5_cava~01_TS.csv
TS modified at level=0
Extra Image Shift In X suggested (micron)=-49.754807
Extra Image Shift In Y suggested (micron)=-109.502045
Extra CS Rotation suggested (deg)=0.000000
[Reconstruction]
Pseudo-parallel projection calculated=1
