[System]
Scanner=SkyScan1272
Instrument S/N=15G09089-B
Software Version=1.1.9
Home Directory=C:\SkyScan1272\SkyScan1272
Source Type=HAMAMATSU_L11871_20
Camera Type=XIMEA xiRAY16
Camera Pixel Size (um)=7.4
Camera X/Y Ratio=1.0035
[User]
User Name=haberthu
Computer Name=ANAMIC02
[Acquisition]
Data Directory=D:\Results\David-Semela\ds17_notch1_4\rll_wide_3um\proj
Filename Prefix=notch1_4~00
Filename Index Length=8
Number Of Files=  940
Number Of Rows= 1640
Number Of Columns= 2452
Partial Width=OFF
Image crop origin X=0
Image crop origin Y=0
Camera binning=2x2
Image Rotation=-0.16800
Optical Axis (line)=  842
Camera to Source (mm)=272.13988
Object to Source (mm)=55.17100
Source Voltage (kV)=  80
Source Current (uA)= 125
Image Pixel Size (um)=3.000003
Scaled Image Pixel Size (um)=3.000003
Image Format=TIFF
Depth (bits)=16
Reference Intensity=57000
Exposure (ms)=7194
Rotation Step (deg)=0.200
Use 360 Rotation=NO
Scanning position=5.706 mm
Frame Averaging=ON (3)
Random Movement=OFF (30)
Flat Field Correction=ON
FF updating interval=86
Geometrical Correction=ON
Filter=Al 1mm
Gantry direction=CC
Rotation Direction=CC
Type of Detector Motion=STEP AND SHOOT
Scanning Trajectory=ROUND
Number Of Horizontal Offset Positions=1
Number of connected scans=3
Current scan number=1
Number of lines to be reconstructed=1269
Study Date and Time=18 Jul 2018  16h:22m:18s
Scan duration=6h:0m:34s
Maximum vertical TS=5.0
[Reconstruction]
Reconstruction Program=NRecon
Program Version=Version: 1.7.3.0
Program Home Directory=C:\SkyScan1272\SkyScan1272
Reconstruction engine=GPUReconServer
Engine version=Version: 1.7.3
Reconstruction from batch=Yes
Postalignment Applied=1
Connected Reconstruction (parts)=3
Sub-scan post alignment [0]=9.000000
Sub-scan post alignment [1]=6.500000
Sub-scan post alignment [2]=8.500000
Sub-scan scan length [0]=1272
Sub-scan scan length [1]=1271
Sub-scan scan length [2]=1269
Used extra rotation per scan(deg)= 0.000  0.000  0.000 
Used extra shift in X per scan(micron)= 0.000  1.340  5.892 
Used extra shift in Y per scan(micron)= 0.000  4.612  -8.911 
Reconstruction servers= ANAMIC02 
Dataset Origin=SkyScan1272
Dataset Prefix=notch1_4~02
Dataset Directory=D:\Results\David-Semela\ds17_notch1_4\rll_repeat_3um\proj
Output Directory=D:\Results\David-Semela\ds17_notch1_4\rll_repeat_3um\rec
Time and Date=Aug 04, 2018  21:38:28
First Section=497
Last Section=3941
Reconstruction duration per slice (seconds)=1.217767
Total reconstruction time (2544 slices) in seconds=3098.000000
Section to Section Step=1
Sections Count=3445
Result File Type=TIF
Result File Header Length (bytes)=12
Result Image Width (pixels)=2452
Result Image Height (pixels)=2452
Pixel Size (um)=3.00000
Reconstruction Angular Range (deg)=188.00
Use 180+=OFF
Angular Step (deg)=0.2000
Smoothing=0
Ring Artifact Correction=20
Draw Scales=OFF
Object Bigger than FOV=OFF
Reconstruction from ROI=OFF
Filter cutoff relative to Nyquist frequency=100
Filter type=0
Filter type description=Hamming (Alpha=0.54)
Undersampling factor=1
Threshold for defect pixel mask (%)=0
Beam Hardening Correction (%)=0
CS Static Rotation (deg)=0.00
CS Static Rotation Total(deg)=0.00
Minimum for CS to Image Conversion=0.000000
Maximum for CS to Image Conversion=0.158486
HU Calibration=OFF
BMP LUT=0
Cone-beam Angle Horiz.(deg)=7.628019
Cone-beam Angle Vert.(deg)=5.106105
Automatic matching in Z=50
Automatic matching in X/Y=50
Automatic matching in rotation=5.000000
Automatic fusion=1
[File name convention]
Filename Index Length=8
Filename Prefix=notch1_4_rec
