[System]
Scanner=SkyScan1272
Instrument S/N=15G09089-B
Software Version=1.1.9
Home Directory=C:\SkyScan1272\SkyScan1272
Source Type=HAMAMATSU_L11871_20
Camera Type=XIMEA xiRAY16
Camera Pixel Size (um)=7.4
Camera X/Y Ratio=1.0035
[User]
User Name=haberthu
Computer Name=ANAMIC02
[Acquisition]
Data Directory=D:\Results\David-Semela\ds17_notch1_1\rll\proj
Filename Prefix=ds17_notch1_1~00
Filename Index Length=8
Number Of Files= 1922
Number Of Rows= 3280
Number Of Columns= 4904
Partial Width=OFF
Image crop origin X=0
Image crop origin Y=0
Camera binning=1x1
Image Rotation=-0.16800
Optical Axis (line)= 1663
Camera to Source (mm)=172.13988
Object to Source (mm)=69.79600
Source Voltage (kV)=  90
Source Current (uA)= 111
Image Pixel Size (um)=3.000006
Scaled Image Pixel Size (um)=3.000006
Image Format=TIFF
Depth (bits)=16
Reference Intensity=57000
Exposure (ms)=4964
Rotation Step (deg)=0.100
Use 360 Rotation=NO
Scanning position=6.646 mm
Frame Averaging=ON (3)
Random Movement=OFF (30)
Flat Field Correction=ON
FF updating interval=175
Geometrical Correction=ON
Filter=Al 0.5 + Cu 0.038
Gantry direction=CC
Rotation Direction=CC
Type of Detector Motion=STEP AND SHOOT
Scanning Trajectory=ROUND
Number Of Horizontal Offset Positions=1
Number of connected scans=2
Current scan number=1
Number of lines to be reconstructed=2143
Study Date and Time=22 Jun 2018  19h:44m:40s
Scan duration=9h:4m:25s
Maximum vertical TS=5.0
[Reconstruction]
Reconstruction Program=NRecon
Program Version=Version: 1.7.3.0
Program Home Directory=C:\SkyScan1272\SkyScan1272
Reconstruction engine=GPUReconServer
Engine version=Version: 1.7.3
Reconstruction from batch=Yes
Postalignment Applied=1
Connected Reconstruction (parts)=2
Sub-scan post alignment [0]=10.500000
Sub-scan post alignment [1]=13.000000
Sub-scan scan length [0]=2137
Sub-scan scan length [1]=2143
Used extra rotation per scan(deg)= 0.000  0.000 
Used extra shift in X per scan(micron)= 0.000  -10.472 
Used extra shift in Y per scan(micron)= 0.000  -19.497 
Reconstruction servers= ANAMIC02 
Dataset Origin=SkyScan1272
Dataset Prefix=ds17_notch1_1~01
Dataset Directory=D:\Results\David-Semela\ds17_notch1_1\rll\proj
Output Directory=D:\Results\David-Semela\ds17_notch1_1\rll\rec
Time and Date=Aug 04, 2018  08:37:43
First Section=660
Last Section=4312
Reconstruction duration per slice (seconds)=9.300281
Total reconstruction time (2138 slices) in seconds=19884.000000
Section to Section Step=1
Sections Count=3653
Result File Type=TIF
Result File Header Length (bytes)=12
Result Image Width (pixels)=4904
Result Image Height (pixels)=4904
Pixel Size (um)=3.00001
Reconstruction Angular Range (deg)=192.20
Use 180+=OFF
Angular Step (deg)=0.1000
Smoothing=0
Ring Artifact Correction=20
Draw Scales=OFF
Object Bigger than FOV=OFF
Reconstruction from ROI=OFF
Filter cutoff relative to Nyquist frequency=100
Filter type=0
Filter type description=Hamming (Alpha=0.54)
Undersampling factor=1
Threshold for defect pixel mask (%)=0
Beam Hardening Correction (%)=30
CS Static Rotation (deg)=0.00
CS Static Rotation Total(deg)=0.00
Minimum for CS to Image Conversion=0.000000
Maximum for CS to Image Conversion=0.250000
HU Calibration=OFF
BMP LUT=0
Cone-beam Angle Horiz.(deg)=12.032735
Cone-beam Angle Vert.(deg)=8.064367
