[System]
Scanner=SkyScan1272
Instrument S/N=15G09089-B
Software Version=1.1.9
Home Directory=C:\SkyScan1272\SkyScan1272
Source Type=HAMAMATSU_L11871_20
Camera Type=XIMEA xiRAY16
Camera Pixel Size (um)=7.4
Camera X/Y Ratio=1.0035
[User]
User Name=haberthu
Computer Name=ANAMIC02
[Acquisition]
Data Directory=D:\Results\David-Semela\ds17_notch1_1\rll\proj
Filename Prefix=ds17_notch1_1~00
Filename Index Length=8
Number Of Files= 1922
Number Of Rows= 3280
Number Of Columns= 4904
Partial Width=OFF
Image crop origin X=0
Image crop origin Y=0
Camera binning=1x1
Image Rotation=-0.16800
Optical Axis (line)= 1663
Camera to Source (mm)=172.13988
Object to Source (mm)=69.79600
Source Voltage (kV)=  90
Source Current (uA)= 111
Image Pixel Size (um)=3.000006
Scaled Image Pixel Size (um)=3.000006
Image Format=TIFF
Depth (bits)=16
Reference Intensity=57000
Exposure (ms)=4964
Rotation Step (deg)=0.100
Use 360 Rotation=NO
Scanning position=6.646 mm
Frame Averaging=ON (3)
Random Movement=OFF (30)
Flat Field Correction=ON
FF updating interval=175
Geometrical Correction=ON
Filter=Al 0.5 + Cu 0.038
Gantry direction=CC
Rotation Direction=CC
Type of Detector Motion=STEP AND SHOOT
Scanning Trajectory=ROUND
Number Of Horizontal Offset Positions=1
Number of connected scans=2
Current scan number=1
Number of lines to be reconstructed=2143
Study Date and Time=22 Jun 2018  19h:44m:40s
Scan duration=9h:4m:25s
Maximum vertical TS=40.0
Maximum horizontal TS=2.0
TS modified at=June25,13:37:00 ---  1922 of 1922 projections
TS modified according to=D:\Results\David-Semela\ds17_notch1_1\rll\proj\ds17_notch1_1~00_TS.csv
TS modified at level=0
[Reconstruction]
Pseudo-parallel projection calculated=1
