[System]
Scanner=SkyScan1272
Instrument S/N=15G09089-B
Software Version=1.1.9
Home Directory=C:\SkyScan1272\SkyScan1272
Source Type=HAMAMATSU_L11871_20
Camera Type=XIMEA xiRAY16
Camera Pixel Size (um)=7.4
Camera X/Y Ratio=1.0035
[User]
User Name=haberthu
Computer Name=ANAMIC02
[Acquisition]
Data Directory=D:\Results\David-Semela\ds17_notch1_4\proj
Filename Prefix=ds17_notch1_4~00
Filename Index Length=8
Number Of Files=  475
Number Of Rows= 1092
Number Of Columns= 1632
Partial Width=OFF
Image crop origin X=0
Image crop origin Y=0
Camera binning=3x3
Image Rotation=-0.14300
Optical Axis (line)=  558
Camera to Source (mm)=222.13988
Object to Source (mm)=150.11600
Source Voltage (kV)= 100
Source Current (uA)= 100
Image Pixel Size (um)=15.000120
Scaled Image Pixel Size (um)=15.000120
Image Format=TIFF
Depth (bits)=16
Reference Intensity=57000
Exposure (ms)=3000
Rotation Step (deg)=0.400
Use 360 Rotation=NO
Scanning position=21.885 mm
Frame Averaging=ON (3)
Random Movement=OFF (30)
Flat Field Correction=ON
FF updating interval=80
Geometrical Correction=ON
Filter=Cu 0.11mm
Gantry direction=CC
Rotation Direction=CC
Type of Detector Motion=STEP AND SHOOT
Scanning Trajectory=ROUND
Number Of Horizontal Offset Positions=1
Number of connected scans=3
Current scan number=1
Number of lines to be reconstructed=586
Study Date and Time=22 Nov 2017  11h:11m:39s
Scan duration=1h:20m:56s
Maximum vertical TS=5.0
[Reconstruction]
Reconstruction Program=NRecon
Program Version=Version: 1.7.3.0
Program Home Directory=C:\SkyScan1272\SkyScan1272
Reconstruction engine=GPUReconServer
Engine version=Version: 1.7.3
Reconstruction from batch=Yes
Postalignment Applied=1
Connected Reconstruction (parts)=3
Sub-scan post alignment [0]=-1.000000
Sub-scan post alignment [1]=1.500000
Sub-scan post alignment [2]=0.000000
Sub-scan scan length [0]=586
Sub-scan scan length [1]=587
Sub-scan scan length [2]=586
Used extra rotation per scan(deg)= 0.000  0.000  0.000 
Used extra shift in X per scan(micron)= 0.000  -7.379  -0.556 
Used extra shift in Y per scan(micron)= 0.000  -52.924  -44.779 
Reconstruction servers= ANAMIC02 
Dataset Origin=SkyScan1272
Dataset Prefix=ds17_notch1_4~02
Dataset Directory=D:\Results\David-Semela\ds17_notch1_4\overview\proj
Output Directory=D:\Results\David-Semela\ds17_notch1_4\overview\rec
Time and Date=Aug 04, 2018  15:33:45
First Section=213
Last Section=1943
Reconstruction duration per slice (seconds)=0.512777
Total reconstruction time (1174 slices) in seconds=602.000000
Section to Section Step=1
Sections Count=1731
Result File Type=TIF
Result File Header Length (bytes)=12
Result Image Width (pixels)=1632
Result Image Height (pixels)=1632
Pixel Size (um)=15.00012
Reconstruction Angular Range (deg)=190.00
Use 180+=OFF
Angular Step (deg)=0.4000
Smoothing=0
Ring Artifact Correction=20
Draw Scales=OFF
Object Bigger than FOV=ON
Reconstruction from ROI=OFF
Filter cutoff relative to Nyquist frequency=100
Filter type=0
Filter type description=Hamming (Alpha=0.54)
Undersampling factor=1
Threshold for defect pixel mask (%)=0
Beam Hardening Correction (%)=0
CS Static Rotation (deg)=0.00
CS Static Rotation Total(deg)=0.00
Minimum for CS to Image Conversion=0.000000
Maximum for CS to Image Conversion=0.100000
HU Calibration=OFF
BMP LUT=0
Cone-beam Angle Horiz.(deg)=9.322897
Cone-beam Angle Vert.(deg)=6.245722
Automatic matching in Z=50
Automatic matching in X/Y=50
Automatic matching in rotation=5.000000
Automatic fusion=1
[File name convention]
Filename Index Length=8
Filename Prefix=ds17_notch1_4_rec
