[System]
Scanner=SkyScan1272
Instrument S/N=15G09089-B
Software Version=1.1.19
Home Directory=C:\SkyScan1272\SkyScan1272
Source Type=HAMAMATSU_L11871_20
Camera Type=XIMEA xiRAY16
Camera Pixel Size (um)=7.4
Camera X/Y Ratio=1.0023
[User]
User Name=haberthu
Computer Name=ANAMIC02
[Acquisition]
Data Directory=D:\Results\David-Semela\ds17_notch1_1_rescan\highresolution\proj
Filename Prefix=ds17_notch1_1_rescan~00
Filename Index Length=8
Number Of Files= 1895
Number Of Rows= 3280
Number Of Columns= 4904
Partial Width=OFF
Image crop origin X=0
Image crop origin Y=0
Camera binning=1x1
Image Rotation=0.16000
Optical Axis (line)= 1766
Camera to Source (mm)=224.07267
Object to Source (mm)=151.40100
Source Voltage (kV)= 100
Source Current (uA)= 100
Image Pixel Size (um)=5.000018
Scaled Image Pixel Size (um)=5.000018
Image Format=TIFF
Depth (bits)=16
Reference Intensity=57000
Camera position=mid
Exposure (ms)=4400
Rotation Step (deg)=0.100
Use 360 Rotation=NO
Scanning position=7.833 mm
Frame Averaging=ON (3)
Random Movement=OFF (30)
Flat Field Correction=ON
FF updating interval=94
Geometrical Correction=ON
Filter=Cu 0.11mm
Gantry direction=CC
Rotation Direction=CC
Type of Detector Motion=STEP AND SHOOT
Scanning Trajectory=ROUND
Number Of Horizontal Offset Positions=1
Number of connected scans=2
Current scan number=1
Number of lines to be reconstructed=2383
Study Date and Time=06 Nov 2018  07h:38m:42s
Scan duration=6h:57m:2s
Maximum vertical TS=5.0
[Reconstruction]
Reconstruction Program=NRecon
Program Version=Version: 1.7.4.2
Program Home Directory=C:\Program Files\NRecon
Reconstruction engine=GPUReconServer
Engine version=Version: 1.7.4
Reconstruction from batch=Yes
Postalignment Applied=1
Connected Reconstruction (parts)=2
Sub-scan post alignment [0]=1.500000
Sub-scan post alignment [1]=4.000000
Sub-scan scan length [0]=2382
Sub-scan scan length [1]=2383
Used extra rotation per scan(deg)= 0.000  0.000 
Used extra shift in X per scan(micron)= 0.000  -12.251 
Used extra shift in Y per scan(micron)= 0.000  -12.107 
Reconstruction servers= ANAKLIN04 
Dataset Origin=SkyScan1272
Dataset Prefix=ds17_notch1_1_rescan~01
Dataset Directory=\\anamic02\Results\David-Semela\ds17_notch1_1_rescan\highresolution\proj
Output Directory=\\anamic02\Results\David-Semela\ds17_notch1_1_rescan\highresolution\rec
Time and Date=Nov 10, 2018  02:56:12
First Section=400
Last Section=4782
Reconstruction duration per slice (seconds)=5.459505
Total reconstruction time (2383 slices) in seconds=13010.000000
Section to Section Step=1
Sections Count=4383
Result File Type=TIF
Result File Header Length (bytes)=12
Result Image Width (pixels)=4872
Result Image Height (pixels)=2480
Pixel Size (um)=5.00002
Reconstruction Angular Range (deg)=189.50
Use 180+=OFF
Angular Step (deg)=0.1000
Smoothing=0
Ring Artifact Correction=13
Draw Scales=OFF
Object Bigger than FOV=OFF
Reconstruction from ROI=ON
ROI Top (pixels)=3483
ROI Bottom (pixels)=1003
ROI Left (pixels)=7
ROI Right (pixels)=4881
ROI reference length=4904
Filter cutoff relative to Nyquist frequency=100
Filter type=0
Filter type description=Hamming (Alpha=0.54)
Undersampling factor=1
Threshold for defect pixel mask (%)=0
Beam Hardening Correction (%)=0
CS Static Rotation (deg)=97.41
CS Static Rotation Total(deg)=97.41
Minimum for CS to Image Conversion=0.000000
Maximum for CS to Image Conversion=0.049799
HU Calibration=OFF
BMP LUT=0
Cone-beam Angle Horiz.(deg)=9.259112
Cone-beam Angle Vert.(deg)=6.200336
Automatic matching in Z=50
Automatic matching in X/Y=50
Automatic matching in rotation=5.000000
Automatic fusion=1
[File name convention]
Filename Index Length=8
Filename Prefix=ds17_notch1_1_rescan_rec
