[System]
Scanner=SkyScan1272
Instrument S/N=15G09089-B
Software Version=1.1.9
Home Directory=C:\SkyScan1272\SkyScan1272
Source Type=HAMAMATSU_L11871_20
Camera Type=XIMEA xiRAY16
Camera Pixel Size (um)=7.4
Camera X/Y Ratio=1.0035
[User]
User Name=haberthu
Computer Name=ANAMIC02
[Acquisition]
Data Directory=D:\Results\David-Semela\ds17_notch1_4\rll_repeat\proj
Filename Prefix=notch1_4
Filename Index Length=8
Number Of Files=  962
Number Of Rows= 1640
Number Of Columns= 2452
Partial Width=OFF
Image crop origin X=0
Image crop origin Y=0
Camera binning=2x2
Image Rotation=-0.16800
Optical Axis (line)=  831
Camera to Source (mm)=172.13988
Object to Source (mm)=81.42850
Source Voltage (kV)=  80
Source Current (uA)= 125
Image Pixel Size (um)=6.999999
Scaled Image Pixel Size (um)=6.999999
Image Format=TIFF
Depth (bits)=16
Reference Intensity=57000
Exposure (ms)=2905
Rotation Step (deg)=0.200
Use 360 Rotation=NO
Scanning position=10.419 mm
Frame Averaging=ON (5)
Random Movement=OFF (30)
Flat Field Correction=ON
FF updating interval=138
Geometrical Correction=ON
Filter=Al 1mm
Gantry direction=CC
Rotation Direction=CC
Type of Detector Motion=STEP AND SHOOT
Scanning Trajectory=ROUND
Number Of Horizontal Offset Positions=1
Study Date and Time=17 Jul 2018  19h:38m:19s
Scan duration=4h:14m:26s
Maximum vertical TS=2.0
Maximum horizontal TS=0.0
TS modified at=July18,09:09:32 ---  962 of 962 projections
TS modified according to=D:\Results\David-Semela\ds17_notch1_4\rll_repeat\proj\notch1_4_TS.csv
TS modified at level=0
[Reconstruction]
Reconstruction Program=NRecon
Program Version=Version: 1.7.3.0
Program Home Directory=C:\SkyScan1272\SkyScan1272
Reconstruction engine=GPUReconServer
Engine version=Version: 1.7.3
Reconstruction from batch=Yes
Postalignment Applied=1
Postalignment=9.00
Reconstruction servers= ANAMIC02 
Dataset Origin=SkyScan1272
Dataset Prefix=notch1_4
Dataset Directory=D:\Results\David-Semela\ds17_notch1_4\rll_7um\proj
Output Directory=D:\Results\David-Semela\ds17_notch1_4\rll_7um\rec
Time and Date=Aug 04, 2018  20:46:34
First Section=38
Last Section=1462
Reconstruction duration per slice (seconds)=0.678596
Total reconstruction time (1425 slices) in seconds=967.000000
Section to Section Step=1
Sections Count=1425
Result File Type=TIF
Result File Header Length (bytes)=12
Result Image Width (pixels)=2452
Result Image Height (pixels)=2452
Pixel Size (um)=7.00000
Reconstruction Angular Range (deg)=192.40
Use 180+=OFF
Angular Step (deg)=0.2000
Smoothing=0
Ring Artifact Correction=20
Draw Scales=OFF
Object Bigger than FOV=OFF
Reconstruction from ROI=OFF
Filter cutoff relative to Nyquist frequency=100
Filter type=0
Filter type description=Hamming (Alpha=0.54)
Undersampling factor=1
Threshold for defect pixel mask (%)=0
Beam Hardening Correction (%)=0
CS Static Rotation (deg)=0.00
CS Static Rotation Total(deg)=0.00
Minimum for CS to Image Conversion=0.000000
Maximum for CS to Image Conversion=0.200206
HU Calibration=OFF
BMP LUT=0
Cone-beam Angle Horiz.(deg)=12.032735
Cone-beam Angle Vert.(deg)=8.064366
[File name convention]
Filename Index Length=8
Filename Prefix=notch1_4_rec
