[System]
Scanner=SkyScan1272
Instrument S/N=15G09089-B
Software Version=1.1.9
Home Directory=C:\SkyScan1272\SkyScan1272
Source Type=HAMAMATSU_L11871_20
Camera Type=XIMEA xiRAY16
Camera Pixel Size (um)=7.4
Camera X/Y Ratio=1.0035
[User]
User Name=haberthu
Computer Name=ANAMIC02
[Acquisition]
Data Directory=D:\Results\David-Semela\ds17_ctrl1_portal\highresolution\proj
Filename Prefix=ds17_ctrl1_portal~00
Filename Index Length=8
Number Of Files= 1895
Number Of Rows= 3280
Number Of Columns= 4904
Partial Width=OFF
Image crop origin X=0
Image crop origin Y=0
Camera binning=1x1
Image Rotation=-0.16800
Optical Axis (line)= 1674
Camera to Source (mm)=222.13988
Object to Source (mm)=150.11600
Source Voltage (kV)= 100
Source Current (uA)= 100
Image Pixel Size (um)=5.000040
Scaled Image Pixel Size (um)=5.000040
Image Format=TIFF
Depth (bits)=16
Reference Intensity=57000
Exposure (ms)=5391
Rotation Step (deg)=0.100
Use 360 Rotation=NO
Scanning position=12.581 mm
Frame Averaging=ON (3)
Random Movement=OFF (30)
Flat Field Correction=ON
FF updating interval=172
Geometrical Correction=ON
Filter=Cu 0.11mm
Gantry direction=CC
Rotation Direction=CC
Type of Detector Motion=STEP AND SHOOT
Scanning Trajectory=ROUND
Number Of Horizontal Offset Positions=1
Number of connected scans=2
Current scan number=1
Number of lines to be reconstructed=2615
Study Date and Time=16 May 2018  03h:45m:43s
Scan duration=9h:37m:35s
Maximum vertical TS=20.0
Maximum horizontal TS=12.0
TS modified at=May21,21:16:44 ---  1895 of 1895 projections
TS modified according to=S:\David-Semela\ds17_ctrl1_portal\highresolution\proj\ds17_ctrl1_portal~00_TS.csv
TS modified at level=0
[Reconstruction]
Pseudo-parallel projection calculated=1
