[System]
Scanner=SkyScan1272
Instrument S/N=15G09089-B
Software Version=1.1.9
Home Directory=C:\SkyScan1272\SkyScan1272
Source Type=HAMAMATSU_L11871_20
Camera Type=XIMEA xiRAY16
Camera Pixel Size (um)=7.4
Camera X/Y Ratio=1.0035
[User]
User Name=haberthu
Computer Name=ANAMIC02
[Acquisition]
Data Directory=D:\Results\David-Semela\ds17_ctrl1_portal\highresolution\proj
Filename Prefix=ds17_ctrl1_portal~00
Filename Index Length=8
Number Of Files= 1895
Number Of Rows= 3280
Number Of Columns= 4904
Partial Width=OFF
Image crop origin X=0
Image crop origin Y=0
Camera binning=1x1
Image Rotation=-0.13100
Optical Axis (line)= 1674
Camera to Source (mm)=222.13988
Object to Source (mm)=150.11600
Source Voltage (kV)= 100
Source Current (uA)= 100
Image Pixel Size (um)=5.000040
Scaled Image Pixel Size (um)=5.000040
Image Format=TIFF
Depth (bits)=16
Reference Intensity=57000
Exposure (ms)=5391
Rotation Step (deg)=0.100
Use 360 Rotation=NO
Scanning position=25.226 mm
Frame Averaging=ON (3)
Random Movement=OFF (30)
Flat Field Correction=ON
FF updating interval=172
Geometrical Correction=ON
Filter=Cu 0.11mm
Gantry direction=CC
Rotation Direction=CC
Type of Detector Motion=STEP AND SHOOT
Scanning Trajectory=ROUND
Number Of Horizontal Offset Positions=1
Number of connected scans=2
Current scan number=1
Number of lines to be reconstructed=2239
Study Date and Time=10 Oct 2017  00h:35m:43s
Scan duration=9h:37m:57s
Maximum vertical TS=5.0
[Reconstruction]
Reconstruction Program=NRecon
Program Version=Version: 1.7.0.4
Program Home Directory=C:\SkyScan1272\SkyScan1272
Reconstruction engine=GPUReconServer
Engine version=Version: 1.7.0
Reconstruction from batch=Yes
Postalignment=2.50
Connected Reconstruction (parts)=2
Sub-scan post alignment [0]=5.000000
Sub-scan post alignment [1]=2.500000
Sub-scan scan length [0]=2241
Sub-scan scan length [1]=2239
Used extra rotation per scan(deg)= 0.000  0.000 
Used extra shift in X per scan(micron)= 0.000  2.479 
Used extra shift in Y per scan(micron)= 0.000  2.503 
Reconstruction servers= ANAMIC02 
Dataset Origin=SkyScan1272
Dataset Prefix=ds17_ctrl1_portal~01
Dataset Directory=D:\Results\David-Semela\ds17_ctrl1_portal\highresolution\proj
Output Directory=D:\Results\David-Semela\ds17_ctrl1_portal\highresolution\rec
Time and Date=Oct 11, 2017  21:47:44
First Section=635
Last Section=4583
Reconstruction duration per slice (seconds)=7.965656
Total reconstruction time (2242 slices) in seconds=17859.000000
Section to Section Step=1
Sections Count=3949
Result File Type=PNG
Result File Header Length (bytes)=Unknown: compressed JPG format (100%)
Result Image Width (pixels)=3824
Result Image Height (pixels)=3824
Pixel Size (um)=5.00004
Reconstruction Angular Range (deg)=189.50
Use 180+=OFF
Angular Step (deg)=0.1000
Smoothing=0
Ring Artifact Correction=20
Draw Scales=OFF
Object Bigger than FOV=OFF
Reconstruction from ROI=ON
ROI Top (pixels)=4503
ROI Bottom (pixels)=678
ROI Left (pixels)=1046
ROI Right (pixels)=4871
ROI reference length=4904
Filter cutoff relative to Nyquist frequency=100
Filter type=0
Filter type description=Hamming (Alpha=0.54)
Undersampling factor=1
Threshold for defect pixel mask (%)=0
Beam Hardening Correction (%)=0
CS Static Rotation (deg)=0.00
Minimum for CS to Image Conversion=0.000000
Maximum for CS to Image Conversion=0.150000
HU Calibration=OFF
BMP LUT=0
Cone-beam Angle Horiz.(deg)=9.338062
Cone-beam Angle Vert.(deg)=6.253333
