[System]
Scanner=SkyScan1272
Instrument S/N=15G09089-B
Software Version=1.1.9
Home Directory=C:\SkyScan1272\SkyScan1272
Source Type=HAMAMATSU_L11871_20
Camera Type=XIMEA xiRAY16
Camera Pixel Size (um)=7.4
Camera X/Y Ratio=1.0035
[User]
User Name=haberthu
Computer Name=ANAMIC02
[Acquisition]
Data Directory=D:\Results\David-Semela\ds17_notch1_4\rll\proj
Filename Prefix=ds17_notch1_4~00
Filename Index Length=8
Number Of Files= 1922
Number Of Rows= 3280
Number Of Columns= 4904
Partial Width=OFF
Image crop origin X=0
Image crop origin Y=0
Camera binning=1x1
Image Rotation=-0.16800
Optical Axis (line)= 1663
Camera to Source (mm)=172.13988
Object to Source (mm)=69.79600
Source Voltage (kV)=  90
Source Current (uA)= 111
Image Pixel Size (um)=3.000006
Scaled Image Pixel Size (um)=3.000006
Image Format=TIFF
Depth (bits)=16
Reference Intensity=57000
Exposure (ms)=4964
Rotation Step (deg)=0.100
Use 360 Rotation=NO
Scanning position=43.223 mm
Frame Averaging=ON (3)
Random Movement=OFF (30)
Flat Field Correction=ON
FF updating interval=175
Geometrical Correction=ON
Filter=Al 0.5 + Cu 0.038
Gantry direction=CC
Rotation Direction=CC
Type of Detector Motion=STEP AND SHOOT
Scanning Trajectory=ROUND
Number Of Horizontal Offset Positions=1
Number of connected scans=2
Current scan number=1
Number of lines to be reconstructed=2239
Study Date and Time=24 Jun 2018  09h:01m:37s
Scan duration=9h:4m:16s
Maximum vertical TS=5.0
[Reconstruction]
Reconstruction Program=NRecon
Program Version=Version: 1.7.3.0
Program Home Directory=C:\SkyScan1272\SkyScan1272
Reconstruction engine=GPUReconServer
Engine version=Version: 1.7.3
Reconstruction from batch=Yes
Postalignment Applied=1
Connected Reconstruction (parts)=2
Sub-scan post alignment [0]=-1.500000
Sub-scan post alignment [1]=-3.500000
Sub-scan scan length [0]=2241
Sub-scan scan length [1]=2239
Used extra rotation per scan(deg)= 0.000  0.000 
Used extra shift in X per scan(micron)= 0.000  1.505 
Used extra shift in Y per scan(micron)= 0.000  -1.494 
Reconstruction servers= ANAMIC02 
Dataset Origin=SkyScan1272
Dataset Prefix=ds17_notch1_4~01
Dataset Directory=D:\Results\David-Semela\ds17_notch1_4\rll_3um\proj
Output Directory=D:\Results\David-Semela\ds17_notch1_4\rll_3um\rec
Time and Date=Aug 04, 2018  20:28:21
First Section=415
Last Section=4715
Reconstruction duration per slice (seconds)=7.876450
Total reconstruction time (2242 slices) in seconds=17659.000000
Section to Section Step=1
Sections Count=4301
Result File Type=TIF
Result File Header Length (bytes)=12
Result Image Width (pixels)=3560
Result Image Height (pixels)=3560
Pixel Size (um)=3.00001
Reconstruction Angular Range (deg)=192.20
Use 180+=OFF
Angular Step (deg)=0.1000
Smoothing=0
Ring Artifact Correction=20
Draw Scales=OFF
Object Bigger than FOV=ON
Reconstruction from ROI=ON
ROI Top (pixels)=4311
ROI Bottom (pixels)=751
ROI Left (pixels)=1024
ROI Right (pixels)=4584
ROI reference length=4904
Filter cutoff relative to Nyquist frequency=100
Filter type=0
Filter type description=Hamming (Alpha=0.54)
Undersampling factor=1
Threshold for defect pixel mask (%)=0
Beam Hardening Correction (%)=0
CS Static Rotation (deg)=0.00
CS Static Rotation Total(deg)=0.00
Minimum for CS to Image Conversion=0.000000
Maximum for CS to Image Conversion=0.957056
HU Calibration=OFF
BMP LUT=0
Cone-beam Angle Horiz.(deg)=12.032735
Cone-beam Angle Vert.(deg)=8.064367
Automatic matching in Z=50
Automatic matching in X/Y=50
Automatic matching in rotation=5.000000
Automatic fusion=1
[File name convention]
Filename Index Length=8
Filename Prefix=ds17_notch1_4_rec
