[System]
Scanner=SkyScan1272
Instrument S/N=15G09089-B
Software Version=1.1.9
Home Directory=C:\SkyScan1272\SkyScan1272
Source Type=HAMAMATSU_L11871_20
Camera Type=XIMEA xiRAY16
Camera Pixel Size (um)=7.4
Camera X/Y Ratio=1.0035
[User]
User Name=haberthu
Computer Name=ANAMIC02
[Acquisition]
Data Directory=D:\Results\David-Semela\ds17_notch1_1\proj
Filename Prefix=ds17_notch1_1~00
Filename Index Length=8
Number Of Files=  475
Number Of Rows= 1092
Number Of Columns= 1632
Partial Width=OFF
Image crop origin X=0
Image crop origin Y=0
Camera binning=3x3
Image Rotation=-0.14300
Optical Axis (line)=  558
Camera to Source (mm)=222.13988
Object to Source (mm)=150.11600
Source Voltage (kV)= 100
Source Current (uA)= 100
Image Pixel Size (um)=15.000120
Scaled Image Pixel Size (um)=15.000120
Image Format=TIFF
Depth (bits)=16
Reference Intensity=57000
Exposure (ms)=3000
Rotation Step (deg)=0.400
Use 360 Rotation=NO
Scanning position=24.445 mm
Frame Averaging=ON (3)
Random Movement=OFF (30)
Flat Field Correction=ON
FF updating interval=80
Geometrical Correction=ON
Filter=Cu 0.11mm
Gantry direction=CC
Rotation Direction=CC
Type of Detector Motion=STEP AND SHOOT
Scanning Trajectory=ROUND
Number Of Horizontal Offset Positions=1
Number of connected scans=3
Current scan number=1
Number of lines to be reconstructed=618
Study Date and Time=22 Nov 2017  19h:16m:12s
Scan duration=1h:20m:37s
Maximum vertical TS=12.0
Maximum horizontal TS=2.0
TS modified at=November24,09:17:24 ---  475 of 475 projections
TS modified according to=D:\Results\David-Semela\ds17_notch1_1\proj\ds17_notch1_1~00_TS.csv
TS modified at level=0
[Reconstruction]
Pseudo-parallel projection calculated=1
