[System]
Scanner=SkyScan1272
Instrument S/N=15G09089-B
Software Version=1.1.9
Home Directory=C:\SkyScan1272\SkyScan1272
Source Type=HAMAMATSU_L11871_20
Camera Type=XIMEA xiRAY16
Camera Pixel Size (um)=7.4
Camera X/Y Ratio=1.0035
[User]
User Name=haberthu
Computer Name=ANAMIC02
[Acquisition]
Data Directory=D:\Results\David-Semela\ds17_notch1_4\highresolution\proj
Filename Prefix=ds17_notch1_4~00
Filename Index Length=8
Number Of Files= 1895
Number Of Rows= 3280
Number Of Columns= 4904
Partial Width=OFF
Image crop origin X=0
Image crop origin Y=0
Camera binning=1x1
Image Rotation=-0.16800
Optical Axis (line)= 1674
Camera to Source (mm)=222.13988
Object to Source (mm)=150.11600
Source Voltage (kV)= 100
Source Current (uA)= 100
Image Pixel Size (um)=5.000040
Scaled Image Pixel Size (um)=5.000040
Image Format=TIFF
Depth (bits)=16
Reference Intensity=57000
Exposure (ms)=5391
Rotation Step (deg)=0.100
Use 360 Rotation=NO
Scanning position=28.291 mm
Frame Averaging=ON (3)
Random Movement=OFF (30)
Flat Field Correction=ON
FF updating interval=172
Geometrical Correction=ON
Filter=Cu 0.11mm
Gantry direction=CC
Rotation Direction=CC
Type of Detector Motion=STEP AND SHOOT
Scanning Trajectory=ROUND
Number Of Horizontal Offset Positions=1
Number of connected scans=2
Current scan number=1
Number of lines to be reconstructed=2607
Study Date and Time=09 May 2018  02h:46m:20s
Scan duration=9h:34m:11s
Maximum vertical TS=5.0
[Reconstruction]
Reconstruction Program=NRecon
Program Version=Version: 1.7.3.0
Program Home Directory=C:\SkyScan1272\SkyScan1272
Reconstruction engine=GPUReconServer
Engine version=Version: 1.7.3
Reconstruction from batch=Yes
Postalignment Applied=1
Connected Reconstruction (parts)=2
Sub-scan post alignment [0]=1.000000
Sub-scan post alignment [1]=-0.500000
Sub-scan scan length [0]=2598
Sub-scan scan length [1]=2607
Used extra rotation per scan(deg)= 0.000  0.000 
Used extra shift in X per scan(micron)= 0.000  -27.501 
Used extra shift in Y per scan(micron)= 0.000  -82.507 
Reconstruction servers= ANAMIC02 
Dataset Origin=SkyScan1272
Dataset Prefix=ds17_notch1_4~01
Dataset Directory=D:\Results\David-Semela\ds17_notch1_4\highresolution\proj
Output Directory=D:\Results\David-Semela\ds17_notch1_4\highresolution\rec
Time and Date=Jul 21, 2018  11:29:44
First Section=136
Last Section=5755
Reconstruction duration per slice (seconds)=25.485571
Total reconstruction time (2599 slices) in seconds=66237.000000
Section to Section Step=1
Sections Count=5620
Result File Type=PNG
Result File Header Length (bytes)=Unknown: compressed JPG format (100%)
Result Image Width (pixels)=4904
Result Image Height (pixels)=4904
Pixel Size (um)=5.00004
Reconstruction Angular Range (deg)=189.50
Use 180+=OFF
Angular Step (deg)=0.1000
Smoothing=0
Ring Artifact Correction=100
Draw Scales=OFF
Object Bigger than FOV=OFF
Reconstruction from ROI=OFF
Filter cutoff relative to Nyquist frequency=100
Filter type=0
Filter type description=Hamming (Alpha=0.54)
Undersampling factor=1
Threshold for defect pixel mask (%)=0
Beam Hardening Correction (%)=0
CS Static Rotation (deg)=0.00
CS Static Rotation Total(deg)=0.00
Minimum for CS to Image Conversion=0.000000
Maximum for CS to Image Conversion=0.231324
HU Calibration=OFF
BMP LUT=0
Cone-beam Angle Horiz.(deg)=9.338062
Cone-beam Angle Vert.(deg)=6.253333
Automatic matching in Z=50
Automatic matching in X/Y=50
Automatic matching in rotation=5.000000
Automatic fusion=1
[File name convention]
Filename Index Length=8
Filename Prefix=ds17_notch1_4_rec
