[System]
Scanner=SkyScan1272
Instrument S/N=15G09089-B
Software Version=1.1.9
Home Directory=C:\SkyScan1272\SkyScan1272
Source Type=HAMAMATSU_L11871_20
Camera Type=XIMEA xiRAY16
Camera Pixel Size (um)=7.4
Camera X/Y Ratio=1.0035
[User]
User Name=haberthu
Computer Name=ANAMIC02
[Acquisition]
Data Directory=D:\Results\David Semela\ds17_ctrl3_portal\overview\proj
Filename Prefix=ds17_ctrl3_portal~00
Filename Index Length=8
Number Of Files=  315
Number Of Rows=  820
Number Of Columns= 1224
Partial Width=OFF
Image crop origin X=0
Image crop origin Y=0
Camera binning=4x4
Image Rotation=-0.13100
Optical Axis (line)=  421
Camera to Source (mm)=272.13988
Object to Source (mm)=200.45350
Source Voltage (kV)= 100
Source Current (uA)= 100
Image Pixel Size (um)=21.799899
Scaled Image Pixel Size (um)=21.799899
Image Format=TIFF
Depth (bits)=16
Reference Intensity=57000
Exposure (ms)=2899
Rotation Step (deg)=0.600
Use 360 Rotation=NO
Scanning position=39.126 mm
Frame Averaging=ON (3)
Random Movement=OFF (30)
Flat Field Correction=ON
Geometrical Correction=ON
Filter=Cu 0.11mm
Gantry direction=CC
Rotation Direction=CC
Type of Detector Motion=STEP AND SHOOT
Scanning Trajectory=ROUND
Number Of Horizontal Offset Positions=1
Number of connected scans=2
Current scan number=1
Number of lines to be reconstructed=630
Study Date and Time=11 Aug 2017  11h:25m:18s
Scan duration=0h:51m:42s
Maximum vertical TS=5.0
[Reconstruction]
Reconstruction Program=NRecon
Program Version=Version: 1.7.0.4
Program Home Directory=C:\SkyScan1272\SkyScan1272
Reconstruction engine=GPUReconServer
Engine version=Version: 1.7.0
Reconstruction from batch=Yes
Postalignment=-0.50
Connected Reconstruction (parts)=2
Sub-scan post alignment [0]=1.500000
Sub-scan post alignment [1]=-0.500000
Sub-scan scan length [0]=630
Sub-scan scan length [1]=630
Used extra rotation per scan(deg)= 0.000  0.000 
Used extra shift in X per scan(micron)= 0.000  -10.344 
Used extra shift in Y per scan(micron)= 0.000  54.548 
Reconstruction servers= ANAMIC02 
Dataset Origin=SkyScan1272
Dataset Prefix=ds17_ctrl3_portal~01
Dataset Directory=D:\Results\David Semela\ds17_ctrl3_portal\overview\proj
Output Directory=D:\Results\David Semela\ds17_ctrl3_portal\overview\rec
Time and Date=Aug 14, 2017  12:45:07
First Section=121
Last Section=1321
Reconstruction duration per slice (seconds)=0.337559
Total reconstruction time (631 slices) in seconds=213.000000
Section to Section Step=1
Sections Count=1201
Result File Type=PNG
Result File Header Length (bytes)=Unknown: compressed JPG format (100%)
Result Image Width (pixels)=1224
Result Image Height (pixels)=1224
Pixel Size (um)=21.79990
Reconstruction Angular Range (deg)=189.00
Use 180+=OFF
Angular Step (deg)=0.6000
Smoothing=0
Ring Artifact Correction=20
Draw Scales=OFF
Object Bigger than FOV=OFF
Reconstruction from ROI=OFF
Filter cutoff relative to Nyquist frequency=100
Filter type=0
Filter type description=Hamming (Alpha=0.54)
Undersampling factor=1
Threshold for defect pixel mask (%)=0
Beam Hardening Correction (%)=0
CS Static Rotation (deg)=0.00
Minimum for CS to Image Conversion=0.000000
Maximum for CS to Image Conversion=0.100000
HU Calibration=OFF
BMP LUT=0
Cone-beam Angle Horiz.(deg)=7.615612
Cone-beam Angle Vert.(deg)=5.106105
