[System]
Scanner=SkyScan1272
Instrument S/N=15G09089-B
Software Version=1.1.9
Home Directory=C:\SkyScan1272\SkyScan1272
Source Type=HAMAMATSU_L11871_20
Camera Type=XIMEA xiRAY16
Camera Pixel Size (um)=7.4
Camera X/Y Ratio=1.0035
[User]
User Name=haberthu
Computer Name=ANAMIC02
[Acquisition]
Data Directory=D:\Results\David Semela\ds17_ctrl5_cava\overview\proj
Filename Prefix=ds17_ctrl5_cava~01
Filename Index Length=8
Number Of Files=  315
Number Of Rows=  820
Number Of Columns= 1224
Partial Width=OFF
Image crop origin X=0
Image crop origin Y=0
Camera binning=4x4
Image Rotation=-0.13100
Optical Axis (line)=  421
Camera to Source (mm)=272.13988
Object to Source (mm)=200.45350
Source Voltage (kV)= 100
Source Current (uA)= 100
Image Pixel Size (um)=21.799899
Scaled Image Pixel Size (um)=21.799899
Image Format=TIFF
Depth (bits)=16
Reference Intensity=57000
Exposure (ms)=2899
Rotation Step (deg)=0.600
Use 360 Rotation=NO
Scanning position=49.318 mm
Frame Averaging=ON (3)
Random Movement=OFF (30)
Flat Field Correction=ON
Geometrical Correction=ON
Filter=Cu 0.11mm
Gantry direction=CC
Rotation Direction=CC
Type of Detector Motion=STEP AND SHOOT
Scanning Trajectory=ROUND
Number Of Horizontal Offset Positions=1
Number of connected scans=2
Current scan number=2
Number of lines to be reconstructed=491
Study Date and Time=14 Aug 2017  12h:19m:05s
Scan duration=0h:51m:36s
Maximum vertical TS=3.0
Maximum horizontal TS=1.0
TS modified at=August14,12:24:24 ---  315 of 315 projections
TS modified according to=D:\Results\David Semela\ds17_ctrl5_cava\overview\proj\ds17_ctrl5_cava~01_TS.csv
TS modified at level=0
Extra Image Shift In X suggested (micron)=-30.625711
Extra Image Shift In Y suggested (micron)=9.581639
Extra CS Rotation suggested (deg)=0.000000
[Reconstruction]
Pseudo-parallel projection calculated=1
