[System]
Scanner=SkyScan1272
Instrument S/N=15G09089-B
Software Version=1.1.9
Home Directory=C:\SkyScan1272\SkyScan1272
Source Type=HAMAMATSU_L11871_20
Camera Type=XIMEA xiRAY16
Camera Pixel Size (um)=7.4
Camera X/Y Ratio=1.0035
[User]
User Name=haberthu
Computer Name=ANAMIC02
[Acquisition]
Data Directory=D:\Results\David-Semela\ds17_ctrl5_cava\highresolution\proj_20um_1272
Filename Prefix=ds17_ctrl5_cava~00
Filename Index Length=8
Number Of Files=  318
Number Of Rows=  820
Number Of Columns= 1224
Partial Width=OFF
Image crop origin X=0
Image crop origin Y=0
Camera binning=4x4
Image Rotation=-0.16800
Optical Axis (line)=  418
Camera to Source (mm)=222.13988
Object to Source (mm)=149.43850
Source Voltage (kV)=  90
Source Current (uA)= 111
Image Pixel Size (um)=19.909896
Scaled Image Pixel Size (um)=19.909896
Image Format=TIFF
Depth (bits)=16
Reference Intensity=57000
Exposure (ms)=3257
Rotation Step (deg)=0.600
Use 360 Rotation=NO
Scanning position=30.551 mm
Frame Averaging=ON (6)
Random Movement=OFF (30)
Flat Field Correction=ON
FF updating interval=53
Geometrical Correction=ON
Filter=Al 0.5 + Cu 0.038
Gantry direction=CC
Rotation Direction=CC
Type of Detector Motion=STEP AND SHOOT
Scanning Trajectory=ROUND
Number Of Horizontal Offset Positions=1
Number of connected scans=2
Current scan number=1
Number of lines to be reconstructed=600
Study Date and Time=25 Jun 2018  19h:08m:23s
Scan duration=1h:49m:35s
Maximum vertical TS=5.0
[Reconstruction]
Reconstruction Program=NRecon
Program Version=Version: 1.7.3.0
Program Home Directory=C:\SkyScan1272\SkyScan1272
Reconstruction engine=GPUReconServer
Engine version=Version: 1.7.3
Reconstruction from batch=Yes
Postalignment Applied=1
Connected Reconstruction (parts)=2
Sub-scan post alignment [0]=-0.500000
Sub-scan post alignment [1]=-1.000000
Sub-scan scan length [0]=592
Sub-scan scan length [1]=600
Used extra rotation per scan(deg)= 0.000  0.000 
Used extra shift in X per scan(micron)= 0.000  -49.755 
Used extra shift in Y per scan(micron)= 0.000  -109.502 
Reconstruction servers= ANAMIC02 
Dataset Origin=SkyScan1272
Dataset Prefix=ds17_ctrl5_cava~01
Dataset Directory=D:\Results\David-Semela\ds17_ctrl5_cava\highresolution\proj_20um_1272
Output Directory=D:\Results\David-Semela\ds17_ctrl5_cava\highresolution\rec_20um_1272
Time and Date=Aug 03, 2018  20:43:48
First Section=79
Last Section=1296
Reconstruction duration per slice (seconds)=0.354132
Total reconstruction time (593 slices) in seconds=210.000000
Section to Section Step=1
Sections Count=1218
Result File Type=TIF
Result File Header Length (bytes)=12
Result Image Width (pixels)=1224
Result Image Height (pixels)=1224
Pixel Size (um)=19.90990
Reconstruction Angular Range (deg)=190.80
Use 180+=OFF
Angular Step (deg)=0.6000
Smoothing=0
Ring Artifact Correction=20
Draw Scales=OFF
Object Bigger than FOV=OFF
Reconstruction from ROI=OFF
Filter cutoff relative to Nyquist frequency=100
Filter type=0
Filter type description=Hamming (Alpha=0.54)
Undersampling factor=1
Threshold for defect pixel mask (%)=0
Beam Hardening Correction (%)=30
CS Static Rotation (deg)=0.00
CS Static Rotation Total(deg)=0.00
Minimum for CS to Image Conversion=0.000000
Maximum for CS to Image Conversion=2.403845
HU Calibration=OFF
BMP LUT=0
Cone-beam Angle Horiz.(deg)=9.322896
Cone-beam Angle Vert.(deg)=6.253333
Automatic matching in Z=50
Automatic matching in X/Y=50
Automatic matching in rotation=5.000000
Automatic fusion=1
[File name convention]
Filename Index Length=8
Filename Prefix=ds17_ctrl5_cava_rec
