[System]
Scanner=SkyScan1272
Instrument S/N=15G09089-B
Software Version=1.1.9
Home Directory=C:\SkyScan1272\SkyScan1272
Source Type=HAMAMATSU_L11871_20
Camera Type=XIMEA xiRAY16
Camera Pixel Size (um)=7.4
Camera X/Y Ratio=1.0035
[User]
User Name=haberthu
Computer Name=ANAMIC02
[Acquisition]
Data Directory=D:\Results\David-Semela\ds17_ctrl1_portal\rll_5um\proj
Filename Prefix=ctrl1_portal~00
Filename Index Length=8
Number Of Files=  962
Number Of Rows= 1640
Number Of Columns= 2452
Partial Width=OFF
Image crop origin X=0
Image crop origin Y=0
Camera binning=2x2
Image Rotation=-0.16800
Optical Axis (line)=  831
Camera to Source (mm)=172.13988
Object to Source (mm)=58.16350
Source Voltage (kV)= 100
Source Current (uA)= 100
Image Pixel Size (um)=5.000024
Scaled Image Pixel Size (um)=5.000024
Image Format=TIFF
Depth (bits)=16
Reference Intensity=57000
Exposure (ms)=3923
Rotation Step (deg)=0.200
Use 360 Rotation=NO
Scanning position=11.268 mm
Frame Averaging=ON (3)
Random Movement=OFF (30)
Flat Field Correction=ON
FF updating interval=88
Geometrical Correction=ON
Filter=Cu 0.11mm
Gantry direction=CC
Rotation Direction=CC
Type of Detector Motion=STEP AND SHOOT
Scanning Trajectory=ROUND
Number Of Horizontal Offset Positions=1
Number of connected scans=2
Current scan number=1
Number of lines to be reconstructed=1083
Study Date and Time=20 Jul 2018  18h:07m:24s
Scan duration=3h:30m:59s
Maximum vertical TS=5.0
[Reconstruction]
Reconstruction Program=NRecon
Program Version=Version: 1.7.3.0
Program Home Directory=C:\SkyScan1272\SkyScan1272
Reconstruction engine=GPUReconServer
Engine version=Version: 1.7.3
Reconstruction from batch=Yes
Postalignment Applied=1
Connected Reconstruction (parts)=2
Sub-scan post alignment [0]=7.500000
Sub-scan post alignment [1]=8.500000
Sub-scan scan length [0]=1083
Sub-scan scan length [1]=1083
Used extra rotation per scan(deg)= 0.000  0.000 
Used extra shift in X per scan(micron)= 0.000  -12.394 
Used extra shift in Y per scan(micron)= 0.000  -12.579 
Reconstruction servers= ANAMIC02 
Dataset Origin=SkyScan1272
Dataset Prefix=ctrl1_portal~01
Dataset Directory=D:\Results\David-Semela\ds17_ctrl1_portal\rll_5um\proj
Output Directory=D:\Results\David-Semela\ds17_ctrl1_portal\rll_5um\rec
Time and Date=Jul 23, 2018  10:26:22
First Section=433
Last Section=2412
Reconstruction duration per slice (seconds)=1.655904
Total reconstruction time (1084 slices) in seconds=1795.000000
Section to Section Step=1
Sections Count=1980
Result File Type=TIF
Result File Header Length (bytes)=12
Result Image Width (pixels)=2252
Result Image Height (pixels)=2252
Pixel Size (um)=5.00002
Reconstruction Angular Range (deg)=192.40
Use 180+=OFF
Angular Step (deg)=0.2000
Smoothing=0
Ring Artifact Correction=20
Draw Scales=OFF
Object Bigger than FOV=OFF
Reconstruction from ROI=ON_ROUND
ROI Top (pixels)=2399
ROI Bottom (pixels)=147
ROI Left (pixels)=36
ROI Right (pixels)=2288
ROI reference length=2452
Filter cutoff relative to Nyquist frequency=100
Filter type=0
Filter type description=Hamming (Alpha=0.54)
Undersampling factor=1
Threshold for defect pixel mask (%)=0
Beam Hardening Correction (%)=0
CS Static Rotation (deg)=0.00
CS Static Rotation Total(deg)=0.00
Minimum for CS to Image Conversion=0.000000
Maximum for CS to Image Conversion=0.086432
HU Calibration=OFF
BMP LUT=0
Cone-beam Angle Horiz.(deg)=12.032734
Cone-beam Angle Vert.(deg)=8.064366
