[System]
Scanner=SkyScan1272
Instrument S/N=15G09089-B
Software Version=1.1.9
Home Directory=C:\SkyScan1272\SkyScan1272
Source Type=HAMAMATSU_L11871_20
Camera Type=XIMEA xiRAY16
Camera Pixel Size (um)=7.4
Camera X/Y Ratio=1.0035
[User]
User Name=haberthu
Computer Name=ANAMIC02
[Acquisition]
Data Directory=D:\Results\David-Semela\ds17_ctrl1_portal\rll_5um\proj
Filename Prefix=ctrl1_portal~01
Filename Index Length=8
Number Of Files=  962
Number Of Rows= 1640
Number Of Columns= 2452
Partial Width=OFF
Image crop origin X=0
Image crop origin Y=0
Camera binning=2x2
Image Rotation=-0.16800
Optical Axis (line)=  831
Camera to Source (mm)=172.13988
Object to Source (mm)=58.16350
Source Voltage (kV)= 100
Source Current (uA)= 100
Image Pixel Size (um)=5.000024
Scaled Image Pixel Size (um)=5.000024
Image Format=TIFF
Depth (bits)=16
Reference Intensity=57000
Exposure (ms)=3923
Rotation Step (deg)=0.200
Use 360 Rotation=NO
Scanning position=16.702 mm
Frame Averaging=ON (3)
Random Movement=OFF (30)
Flat Field Correction=ON
FF updating interval=88
Geometrical Correction=ON
Filter=Cu 0.11mm
Gantry direction=CC
Rotation Direction=CC
Type of Detector Motion=STEP AND SHOOT
Scanning Trajectory=ROUND
Number Of Horizontal Offset Positions=1
Number of connected scans=2
Current scan number=2
Number of lines to be reconstructed=1083
Study Date and Time=20 Jul 2018  21h:43m:44s
Scan duration=3h:30m:39s
Maximum vertical TS=1.0
Maximum horizontal TS=1.0
TS modified at=July23,09:05:57 ---  962 of 962 projections
TS modified according to=D:\Results\David-Semela\ds17_ctrl1_portal\rll_5um\proj\ctrl1_portal~01_TS.csv
TS modified at level=0
Extra Image Shift In X suggested (micron)=-12.393938
Extra Image Shift In Y suggested (micron)=-12.578679
Extra CS Rotation suggested (deg)=0.000000
[Reconstruction]
Pseudo-parallel projection calculated=1
