[System]
Scanner=SkyScan1272
Instrument S/N=15G09089-B
Software Version=1.1.9
Home Directory=C:\SkyScan1272\SkyScan1272
Source Type=HAMAMATSU_L11871_20
Camera Type=XIMEA xiRAY16
Camera Pixel Size (um)=7.4
Camera X/Y Ratio=1.0035
[User]
User Name=haberthu
Computer Name=ANAMIC02
[Acquisition]
Data Directory=D:\Results\David Semela\ds17_ctrl1_portal\overview\proj
Filename Prefix=ds17_ctrl1_portal~00
Filename Index Length=8
Number Of Files=  315
Number Of Rows=  820
Number Of Columns= 1224
Partial Width=OFF
Image crop origin X=0
Image crop origin Y=0
Camera binning=4x4
Image Rotation=-0.13100
Optical Axis (line)=  421
Camera to Source (mm)=272.13988
Object to Source (mm)=194.03600
Source Voltage (kV)= 100
Source Current (uA)= 100
Image Pixel Size (um)=21.101977
Scaled Image Pixel Size (um)=21.101977
Image Format=TIFF
Depth (bits)=16
Reference Intensity=57000
Exposure (ms)=2636
Rotation Step (deg)=0.600
Use 360 Rotation=NO
Scanning position=41.841 mm
Frame Averaging=ON (3)
Random Movement=OFF (30)
Flat Field Correction=ON
Geometrical Correction=ON
Filter=Cu 0.11mm
Gantry direction=CC
Rotation Direction=CC
Type of Detector Motion=STEP AND SHOOT
Scanning Trajectory=ROUND
Number Of Horizontal Offset Positions=1
Number of connected scans=2
Current scan number=1
Number of lines to be reconstructed=593
Study Date and Time=09 Aug 2017  10h:56m:30s
Scan duration=0h:47m:3s
Maximum vertical TS=0.0
Maximum horizontal TS=0.0
TS modified at=August09,11:48:33 ---  315 of 315 projections
TS modified according to=D:\Results\David Semela\ds17_ctrl1_portal\overview\proj\ds17_ctrl1_portal~00_TS.csv
TS modified at level=0
[Reconstruction]
Pseudo-parallel projection calculated=1
