[System]
Scanner=Skyscan1172
Instrument S/N=12O01199
Hardware version=F
Software=Version 1. 5 (build 26)
Home directory=c:\SkyScan1172F_11MP_Hamamatsu
Source Type=Hamamatsu 100/250
Camera=Hamamatsu C9300 11Mp camera
Camera Pixel Size (um)=    8.80
CameraXYRatio=0.9927
Incl.in lifting (um/mm)=3.0875
[User]
User Name=haberthu
Computer Name=ANAKLIN18
[Acquisition]
Data directory=S:\David-Semela\ds17_ctrl5_cava\highresolution\proj_20um
Filename Prefix=ctrl5_cava~00
Configuration=D:\doc\Results\Configurations\2018-04-27\2018-04-27
Number of Files=  287
Source Voltage (kV)=  89
Source Current (uA)= 112
Number of Rows=  668
Number of Columns= 1000
Image crop origin X=   0
Image crop origin Y=0
Camera binning=4x4
Image Rotation=0.2300
Gantry direction=CC
Number of connected scans=    3
Number of lines to be reconstructed=  408
Image Pixel Size (um)=   19.91
Object to Source (mm)=120.100
Camera to Source (mm)=212.399
Vertical Object Position (mm)=32.690
Optical Axis (line)= 371
Filter=Al+Cu
Image Format=TIFF
Depth (bits)=16
Screen LUT=0
Exposure (ms)=   125
Rotation Step (deg)=0.700
Frame Averaging=ON (6)
Random Movement=OFF (10)
Use 360 Rotation=NO
Geometrical Correction=ON
Camera Offset=OFF
Median Filtering=ON
Flat Field Correction=ON
Rotation Direction=CC
Scanning Trajectory=ROUND
Type Of Motion=STEP AND SHOOT
Study Date and Time=Jun 25, 2018  15:31:18
Scan duration=00:09:34
Maximum vertical TS=0.0
Maximum horizontal TS=0.0
TS modified at=June25,16:52:38 ---  286 of 286 projections
TS modified according to=D:\Results\David-Semela\ds17_ctrl5_cava\highresolution\proj_20um_1172\ctrl5_cava~00_TS.csv
TS modified at level=0
[Reconstruction]
Pseudo-parallel projection calculated=1
