[System]
Scanner=SkyScan1272
Instrument S/N=15G09089-B
Software Version=1.1.9
Home Directory=C:\SkyScan1272\SkyScan1272
Source Type=HAMAMATSU_L11871_20
Camera Type=XIMEA xiRAY16
Camera Pixel Size (um)=7.4
Camera X/Y Ratio=1.0035
[User]
User Name=haberthu
Computer Name=ANAMIC02
[Acquisition]
Data Directory=D:\Results\David-Semela\ds17_ctrl2_portal\rll_5um\proj
Filename Prefix=ds17_ctrl2_portal~00
Filename Index Length=8
Number Of Files=  974
Number Of Rows= 1638
Number Of Columns= 4664
Partial Width=OFF
Image crop origin X=0
Image crop origin Y=0
Camera binning=2x2
Image Rotation=-0.14400
Optical Axis (line)=  842
Camera to Source (mm)=272.13988
Object to Source (mm)=91.95776
Source Voltage (kV)= 100
Source Current (uA)= 100
Image Pixel Size (um)=5.000336
Scaled Image Pixel Size (um)=5.000336
Image Format=TIFF
Depth (bits)=16
Reference Intensity=57000
Exposure (ms)=8866
Rotation Step (deg)=0.200
Use 360 Rotation=NO
Scanning position=41.429 mm
Frame Averaging=ON (3)
Random Movement=OFF (30)
Flat Field Correction=ON
FF updating interval=85
Geometrical Correction=ON
Filter=Cu 0.11mm
Gantry direction=CC
Rotation Direction=CC
Type of Detector Motion=STEP AND SHOOT
Scanning Trajectory=ROUND
Number Of Horizontal Offset Positions=2
Horizontal Overlap (pixel)=240
Number of connected scans=2
Current scan number=1
Number of lines to be reconstructed=1039
Study Date and Time=01 Aug 2018  11h:36m:54s
Scan duration=15h:8m:59s
Maximum vertical TS=5.0
[Reconstruction]
Reconstruction Program=NRecon
Program Version=Version: 1.7.3.0
Program Home Directory=C:\SkyScan1272\SkyScan1272
Reconstruction engine=GPUReconServer
Engine version=Version: 1.7.3
Reconstruction from batch=Yes
Postalignment Applied=1
Connected Reconstruction (parts)=2
Sub-scan post alignment [0]=-0.500000
Sub-scan post alignment [1]=-1.500000
Sub-scan scan length [0]=1041
Sub-scan scan length [1]=1039
Used extra rotation per scan(deg)= 0.000  0.000 
Used extra shift in X per scan(micron)= 0.000  2.405 
Used extra shift in Y per scan(micron)= 0.000  2.387 
Reconstruction servers= ANAMIC02 
Dataset Origin=SkyScan1272
Dataset Prefix=ds17_ctrl2_portal~01
Dataset Directory=D:\Results\David-Semela\ds17_ctrl2_portal\rll_5um\proj
Output Directory=D:\Results\David-Semela\ds17_ctrl2_portal\rll_5um\rec
Time and Date=Aug 03, 2018  10:41:47
First Section=197
Last Section=2319
Reconstruction duration per slice (seconds)=3.079654
Total reconstruction time (1042 slices) in seconds=3209.000000
Section to Section Step=1
Sections Count=2123
Result File Type=TIF
Result File Header Length (bytes)=12
Result Image Width (pixels)=2516
Result Image Height (pixels)=2516
Pixel Size (um)=5.00034
Reconstruction Angular Range (deg)=194.80
Use 180+=OFF
Angular Step (deg)=0.2000
Smoothing=0
Ring Artifact Correction=7
Draw Scales=OFF
Object Bigger than FOV=ON
Reconstruction from ROI=ON
ROI Top (pixels)=3737
ROI Bottom (pixels)=1221
ROI Left (pixels)=1207
ROI Right (pixels)=3723
ROI reference length=4664
Filter cutoff relative to Nyquist frequency=100
Filter type=0
Filter type description=Hamming (Alpha=0.54)
Undersampling factor=1
Threshold for defect pixel mask (%)=0
Beam Hardening Correction (%)=30
CS Static Rotation (deg)=0.00
CS Static Rotation Total(deg)=0.00
Minimum for CS to Image Conversion=0.000000
Maximum for CS to Image Conversion=0.096134
HU Calibration=OFF
BMP LUT=0
Cone-beam Angle Horiz.(deg)=14.453741
Cone-beam Angle Vert.(deg)=5.099886
Automatic matching in Z=50
Automatic matching in X/Y=50
Automatic matching in rotation=5.000000
Automatic fusion=1
[File name convention]
Filename Index Length=8
Filename Prefix=ds17_ctrl2_portal_rec
