[System]
Scanner=SkyScan1272
Instrument S/N=15G09089-B
Software Version=1.1.19
Home Directory=C:\SkyScan1272\SkyScan1272
Source Type=HAMAMATSU_L11871_20
Camera Type=XIMEA xiRAY16
Camera Pixel Size (um)=7.4
Camera X/Y Ratio=1.0023
[User]
User Name=haberthu
Computer Name=ANAMIC02
[Acquisition]
Data Directory=D:\Results\David-Semela\ds17_ctrl1_portal_rescan\highresolution\proj
Filename Prefix=ds17_ctrl1_portal_rescan~01
Filename Index Length=8
Number Of Files= 1895
Number Of Rows= 3280
Number Of Columns= 4904
Partial Width=OFF
Image crop origin X=0
Image crop origin Y=0
Camera binning=1x1
Image Rotation=0.16000
Optical Axis (line)= 1766
Camera to Source (mm)=224.07267
Object to Source (mm)=151.40100
Source Voltage (kV)= 100
Source Current (uA)= 100
Image Pixel Size (um)=5.000018
Scaled Image Pixel Size (um)=5.000018
Image Format=TIFF
Depth (bits)=16
Reference Intensity=57000
Camera position=mid
Exposure (ms)=4400
Rotation Step (deg)=0.100
Use 360 Rotation=NO
Scanning position=43.474 mm
Frame Averaging=ON (3)
Random Movement=OFF (30)
Flat Field Correction=ON
FF updating interval=94
Geometrical Correction=ON
Filter=Cu 0.11mm
Gantry direction=CC
Rotation Direction=CC
Type of Detector Motion=STEP AND SHOOT
Scanning Trajectory=ROUND
Number Of Horizontal Offset Positions=1
Number of connected scans=2
Current scan number=2
Number of lines to be reconstructed=2343
Study Date and Time=06 Nov 2018  00h:29m:41s
Scan duration=6h:57m:2s
Maximum vertical TS=5.0
[Reconstruction]
Reconstruction Program=NRecon
Program Version=Version: 1.7.4.2
Program Home Directory=C:\Program Files\NRecon
Reconstruction engine=GPUReconServer
Engine version=Version: 1.7.4
Reconstruction from batch=Yes
Postalignment Applied=1
Connected Reconstruction (parts)=2
Sub-scan post alignment [0]=6.500000
Sub-scan post alignment [1]=6.000000
Sub-scan scan length [0]=2343
Sub-scan scan length [1]=2343
Used extra rotation per scan(deg)= 0.000  0.000 
Used extra shift in X per scan(micron)= 0.000  7.479 
Used extra shift in Y per scan(micron)= 0.000  2.415 
Reconstruction servers= ANAKLIN04 
Dataset Origin=SkyScan1272
Dataset Prefix=ds17_ctrl1_portal_rescan~01
Dataset Directory=\\anamic02\Results\David-Semela\ds17_ctrl1_portal_rescan\highresolution\proj
Output Directory=\\anamic02\Results\David-Semela\ds17_ctrl1_portal_rescan\highresolution\rec
Time and Date=Nov 08, 2018  22:24:37
First Section=493
Last Section=4757
Reconstruction duration per slice (seconds)=6.407850
Total reconstruction time (2344 slices) in seconds=15020.000000
Section to Section Step=1
Sections Count=4265
Result File Type=TIF
Result File Header Length (bytes)=12
Result Image Width (pixels)=4892
Result Image Height (pixels)=3348
Pixel Size (um)=5.00002
Reconstruction Angular Range (deg)=189.50
Use 180+=OFF
Angular Step (deg)=0.1000
Smoothing=0
Ring Artifact Correction=7
Draw Scales=OFF
Object Bigger than FOV=OFF
Reconstruction from ROI=ON
ROI Top (pixels)=4381
ROI Bottom (pixels)=1033
ROI Left (pixels)=7
ROI Right (pixels)=4901
ROI reference length=4904
Filter cutoff relative to Nyquist frequency=100
Filter type=0
Filter type description=Hamming (Alpha=0.54)
Undersampling factor=1
Threshold for defect pixel mask (%)=0
Beam Hardening Correction (%)=0
CS Static Rotation (deg)=140.78
CS Static Rotation Total(deg)=140.78
Minimum for CS to Image Conversion=0.002833
Maximum for CS to Image Conversion=0.061429
HU Calibration=OFF
BMP LUT=0
Cone-beam Angle Horiz.(deg)=9.259112
Cone-beam Angle Vert.(deg)=6.200336
