[System]
Scanner=SkyScan1272
Instrument S/N=15G09089-B
Software Version=1.1.19
Home Directory=C:\SkyScan1272\SkyScan1272
Source Type=HAMAMATSU_L11871_20
Camera Type=XIMEA xiRAY16
Camera Pixel Size (um)=7.4
Camera X/Y Ratio=1.0023
[User]
User Name=haberthu
Computer Name=ANAMIC02
[Acquisition]
Data Directory=D:\Results\David-Semela\ds17_ctrl1_portal_rescan\highresolution\proj
Filename Prefix=ds17_ctrl1_portal_rescan~00
Filename Index Length=8
Number Of Files= 1895
Number Of Rows= 3280
Number Of Columns= 4904
Partial Width=OFF
Image crop origin X=0
Image crop origin Y=0
Camera binning=1x1
Image Rotation=0.16000
Optical Axis (line)= 1766
Camera to Source (mm)=224.07267
Object to Source (mm)=151.40100
Source Voltage (kV)= 100
Source Current (uA)= 100
Image Pixel Size (um)=5.000018
Scaled Image Pixel Size (um)=5.000018
Image Format=TIFF
Depth (bits)=16
Reference Intensity=57000
Camera position=mid
Exposure (ms)=4400
Rotation Step (deg)=0.100
Use 360 Rotation=NO
Scanning position=31.733 mm
Frame Averaging=ON (3)
Random Movement=OFF (30)
Flat Field Correction=ON
FF updating interval=94
Geometrical Correction=ON
Filter=Cu 0.11mm
Gantry direction=CC
Rotation Direction=CC
Type of Detector Motion=STEP AND SHOOT
Scanning Trajectory=ROUND
Number Of Horizontal Offset Positions=1
Number of connected scans=2
Current scan number=1
Number of lines to be reconstructed=2343
Study Date and Time=05 Nov 2018  17h:20m:58s
Scan duration=6h:57m:2s
Maximum vertical TS=9.0
Maximum horizontal TS=2.0
TS modified at=November07,09:19:40 ---  1895 of 1895 projections
TS modified according to=\\anamic02\Results\David-Semela\ds17_ctrl1_portal_rescan\highresolution\proj\ds17_ctrl1_portal_rescan~00_TS.csv
TS modified at level=0
[Reconstruction]
Pseudo-parallel projection calculated=1
